GEM
  remote: https://rubygems.org/
  specs:
    asciidoctor (1.5.8)
    asciidoctor-diagram (1.5.15)
      asciidoctor (>= 1.5.0, < 3.x)
    asciidoctor-revealjs (1.1.3)
      asciidoctor (~> 1.5.6)
      thread_safe (~> 0.3.5)
    concurrent-ruby (1.1.5)
    thread_safe (0.3.6)

PLATFORMS
  ruby

DEPENDENCIES
  asciidoctor-diagram
  asciidoctor-revealjs
  concurrent-ruby

BUNDLED WITH
   2.0.1
